GEM
  remote: http://rubygems.org/
  specs:
    addressable (2.3.5)
    archive-zip (0.6.0)
      io-like (>= 0.3.0)
    coderay (1.0.9)
    daemons (1.1.9)
    eventmachine (1.0.3)
    haml (4.0.3)
      tilt
    highline (1.6.19)
    io-like (0.3.0)
    json (1.8.0)
    launchy (2.3.0)
      addressable (~> 2.3)
    milkode (1.1.0)
      archive-zip (>= 0.4.0)
      coderay (>= 1.0.5)
      haml (>= 3.1.2)
      launchy (>= 0.3.7)
      rack (>= 1.5.2)
      rroonga (>= 1.1.0)
      sass (>= 3.1.3)
      sinatra (>= 1.2.6)
      termcolor (>= 1.2.0, < 1.2.2)
      thin (>= 1.2.10)
      thor (>= 0.18.1)
    pkg-config (1.1.4)
    rack (1.5.2)
    rack-protection (1.5.0)
      rack
    rroonga (2.1.0)
      archive-zip
      json
      pkg-config
    sass (3.2.9)
    sinatra (1.4.3)
      rack (~> 1.4)
      rack-protection (~> 1.4)
      tilt (~> 1.3, >= 1.3.4)
    termcolor (1.2.1)
      highline (>= 1.5.0)
    thin (1.5.1)
      daemons (>= 1.0.9)
      eventmachine (>= 0.12.6)
      rack (>= 1.0.0)
    thor (0.18.1)
    tilt (1.4.1)

PLATFORMS
  ruby

DEPENDENCIES
  milkode
  rroonga (>= 1.1.0, <= 2.1.0)
