GEM
  remote: http://rubygems.org/
  specs:
    addressable (2.3.4)
    archive-zip (0.6.0)
      io-like (>= 0.3.0)
    backports (3.3.0)
    coderay (1.0.9)
    daemons (1.1.9)
    eventmachine (1.0.3)
    git (1.2.5)
    haml (4.0.2)
      tilt
    highline (1.6.18)
    io-like (0.3.0)
    jeweler (1.8.4)
      bundler (~> 1.0)
      git (>= 1.2.5)
      rake
      rdoc
    json (1.7.7)
    launchy (2.3.0)
      addressable (~> 2.3)
    milkode (0.9.9)
      archive-zip (>= 0.4.0)
      coderay (>= 1.0.5)
      haml (>= 3.1.2)
      launchy (>= 0.3.7)
      rack (~> 1.4.0, >= 1.3.4)
      rroonga (>= 1.1.0)
      sass (>= 3.1.3)
      sinatra (>= 1.2.6)
      termcolor (>= 1.2.0, < 1.2.2)
      thin (>= 1.2.10)
      thor (~> 0.15.0)
    pkg-config (1.1.4)
    rack (1.4.5)
    rack-protection (1.5.0)
      rack
    rack-test (0.6.2)
      rack (>= 1.0)
    rake (10.0.4)
    rdoc (4.0.1)
      json (~> 1.4)
    rroonga (2.1.0)
      archive-zip
      json
      pkg-config
    sass (3.2.8)
    sinatra (1.3.6)
      rack (~> 1.4)
      rack-protection (~> 1.3)
      tilt (~> 1.3, >= 1.3.3)
    sinatra-contrib (1.3.2)
      backports (>= 2.0)
      eventmachine
      rack-protection
      rack-test
      sinatra (~> 1.3.0)
      tilt (~> 1.3)
    sinatra-reloader (1.0)
      sinatra-contrib
    termcolor (1.2.1)
      highline (>= 1.5.0)
    thin (1.5.1)
      daemons (>= 1.0.9)
      eventmachine (>= 0.12.6)
      rack (>= 1.0.0)
    thor (0.15.4)
    tilt (1.3.7)

PLATFORMS
  ruby

DEPENDENCIES
  archive-zip (>= 0.4.0)
  bundler
  coderay (>= 1.0.5)
  haml (>= 3.1.2)
  jeweler
  launchy (>= 0.3.7)
  milkode
  rack (~> 1.4.0, >= 1.3.4)
  rack-test
  rroonga (>= 1.1.0, <= 2.1.0)
  sass (>= 3.1.3)
  sinatra (>= 1.2.6)
  sinatra-reloader
  termcolor (>= 1.2.0, < 1.2.2)
  thin (>= 1.2.10)
  thor (~> 0.15.0)